PATH
  remote: .
  specs:
    serp_sdk (0.1.0)
      dotenv (~> 2.7.6)
      json (~> 2.5.1)
      open-uri (~> 0.1.0)

GEM
  remote: https://rubygems.org/
  specs:
    ast (2.4.2)
    date (3.1.0)
    diff-lcs (1.4.4)
    dotenv (2.7.6)
    json (2.5.1)
    open-uri (0.1.0)
      stringio
      time
      uri
    parallel (1.20.1)
    parser (3.0.2.0)
      ast (~> 2.4.1)
    rainbow (3.0.0)
    rake (13.0.6)
    regexp_parser (2.1.1)
    rexml (3.2.5)
    rspec (3.10.0)
      rspec-core (~> 3.10.0)
      rspec-expectations (~> 3.10.0)
      rspec-mocks (~> 3.10.0)
    rspec-core (3.10.1)
      rspec-support (~> 3.10.0)
    rspec-expectations (3.10.1)
      diff-lcs (>= 1.2.0, < 2.0)
      rspec-support (~> 3.10.0)
    rspec-mocks (3.10.2)
      diff-lcs (>= 1.2.0, < 2.0)
      rspec-support (~> 3.10.0)
    rspec-support (3.10.2)
    rubocop (1.20.0)
      parallel (~> 1.10)
      parser (>= 3.0.0.0)
      rainbow (>= 2.2.2, < 4.0)
      regexp_parser (>= 1.8, < 3.0)
      rexml
      rubocop-ast (>= 1.9.1, < 2.0)
      ruby-progressbar (~> 1.7)
      unicode-display_width (>= 1.4.0, < 3.0)
    rubocop-ast (1.11.0)
      parser (>= 3.0.1.1)
    ruby-progressbar (1.11.0)
    stringio (3.0.0)
    time (0.1.0)
      date
    unicode-display_width (2.0.0)
    uri (0.10.1)

PLATFORMS
  x64-mingw32

DEPENDENCIES
  dotenv (~> 2.7.6)
  json (~> 2.5.1)
  open-uri (~> 0.1.0)
  rake (~> 13.0)
  rspec (~> 3.2)
  rubocop (~> 1.20)
  serp_sdk!

BUNDLED WITH
   2.2.27
